NUGET
  remote: https://www.nuget.org/api/v2
  specs:
    FAKE (4.41.8)
    FSharp.Core (4.0.0.1)
